GEM
  remote: https://rubygems.org/
  specs:
    bond (0.5.1)
    mini_magick (4.10.1)
    ripl (0.7.1)
      bond (~> 0.5.1)

PLATFORMS
  ruby

DEPENDENCIES
  mini_magick
  ripl

BUNDLED WITH
   2.1.4
